GEM
  remote: https://rubygems.org/
  specs:
    backports (3.6.8)
    debugger-ruby_core_source (1.3.8)
    foreman (0.78.0)
      thor (~> 0.19.1)
    kgio (2.10.0)
    memcache-client (1.8.5)
    multi_json (1.11.2)
    mysql2 (0.4.3)
    rack (1.6.4)
    rack-flash3 (1.0.5)
      rack
    rack-lineprof (0.0.3)
      rack (~> 1.5)
      rblineprof (~> 0.3.6)
      term-ansicolor (~> 1.3)
    rack-protection (1.5.3)
      rack
    rack-test (0.6.3)
      rack (>= 1.0)
    raindrops (0.16.0)
    rblineprof (0.3.7)
      debugger-ruby_core_source (~> 1.3)
    sinatra (1.4.7)
      rack (~> 1.5)
      rack-protection (~> 1.4)
      tilt (>= 1.3, < 3)
    sinatra-contrib (1.4.6)
      backports (>= 2.0)
      multi_json
      rack-protection
      rack-test
      sinatra (~> 1.4.0)
      tilt (>= 1.3, < 3)
    term-ansicolor (1.6.0)
      tins (~> 1.0)
    thor (0.19.1)
    tilt (2.0.2)
    tins (1.15.0)
    unicorn (5.0.1)
      kgio (~> 2.6)
      rack
      raindrops (~> 0.7)

PLATFORMS
  ruby

DEPENDENCIES
  foreman
  memcache-client
  mysql2
  rack-flash3
  rack-lineprof
  sinatra
  sinatra-contrib
  unicorn

BUNDLED WITH
   1.12.5
